GEM
  remote: https://rubygems.org/
  specs:
    byebug (4.0.5)
      columnize (= 0.9.0)
    columnize (0.9.0)
    metaclass (0.0.4)
    mocha (1.1.0)
      metaclass (~> 0.0.1)
    redis (3.2.1)
    timecop (0.7.3)

PLATFORMS
  ruby

DEPENDENCIES
  byebug
  mocha
  redis
  timecop
